GEM
  remote: http://rubygems.org/
  specs:
    json (1.5.3)
    sunlight (1.1.0)
      json (>= 1.1.3)
      ym4r (>= 0.6.1)
    ym4r (0.6.1)

PLATFORMS
  ruby

DEPENDENCIES
  sunlight (= 1.1.0)
